GEM
  remote: http://rubygems.org/
  specs:
    capistrano (2.5.19)
      highline
      net-scp (>= 1.0.0)
      net-sftp (>= 2.0.0)
      net-ssh (>= 2.0.14)
      net-ssh-gateway (>= 1.0.0)
    capistrano_colors (0.5.4)
    configuration (1.2.0)
    diff-lcs (1.1.2)
    foreman (0.18.0)
      term-ansicolor (~> 1.0.5)
      thor (>= 0.13.6)
    haml (3.0.25)
    heroku (2.2.8)
      launchy (>= 0.3.2)
      rest-client (~> 1.6.1)
      term-ansicolor (~> 1.0.5)
    highline (1.6.1)
    launchy (0.4.0)
      configuration (>= 0.0.5)
      rake (>= 0.8.1)
    mechanize (1.0.0)
      nokogiri (>= 1.2.1)
    mime-types (1.16)
    net-scp (1.0.4)
      net-ssh (>= 1.99.1)
    net-sftp (2.0.5)
      net-ssh (>= 2.0.9)
    net-ssh (2.1.3)
    net-ssh-gateway (1.0.1)
      net-ssh (>= 1.99.1)
    net-ssh-multi (1.0.1)
      net-ssh (>= 1.99.2)
      net-ssh-gateway (>= 0.99.0)
    newrelic_rpm (3.0.1)
    nokogiri (1.4.4)
    oyster (0.9.4)
    packr (3.1.0)
      oyster
    rack (1.2.1)
    rack-test (0.5.7)
      rack (>= 1.0)
    rainpress (1.0)
    rake (0.9.2)
    rest-client (1.6.3)
      mime-types (>= 1.16)
    rspec (2.5.0)
      rspec-core (~> 2.5.0)
      rspec-expectations (~> 2.5.0)
      rspec-mocks (~> 2.5.0)
    rspec-core (2.5.1)
    rspec-expectations (2.5.0)
      diff-lcs (~> 1.1.2)
    rspec-mocks (2.5.0)
    shotgun (0.9)
      rack (>= 1.0)
    sinatra (1.1.3)
      rack (~> 1.1)
      tilt (< 2.0, >= 1.2.2)
    sinatra-bundles (0.5.1)
      packr (~> 3.1.0)
      rack (~> 1.0)
      rainpress (~> 1.0)
      sinatra (~> 1.1.0)
    sinatra-content-for2 (0.2.4)
      sinatra
    term-ansicolor (1.0.5)
    thor (0.14.6)
    tilt (1.2.2)
    unicorn (1.1.5)
      rack

PLATFORMS
  ruby

DEPENDENCIES
  capistrano (= 2.5.19)
  capistrano_colors (~> 0.5.4)
  foreman (~> 0.18.0)
  haml (= 3.0.25)
  heroku (~> 2.2.8)
  mechanize (= 1.0.0)
  net-ssh-multi
  newrelic_rpm (~> 3.0.1)
  nokogiri (= 1.4.4)
  rack-test (= 0.5.7)
  rspec (= 2.5.0)
  shotgun (~> 0.9)
  sinatra (= 1.1.3)
  sinatra-bundles (= 0.5.1)
  sinatra-content-for2 (= 0.2.4)
  unicorn (= 1.1.5)
