GEM
  remote: http://rubygems.org/
  specs:
    addressable (2.2.6)
    capistrano (2.5.19)
      highline
      net-scp (>= 1.0.0)
      net-sftp (>= 2.0.0)
      net-ssh (>= 2.0.14)
      net-ssh-gateway (>= 1.0.0)
    capistrano_colors (0.5.5)
    foreman (0.18.0)
      term-ansicolor (~> 1.0.5)
      thor (>= 0.13.6)
    haml (3.0.25)
    heroku (2.2.9)
      launchy (>= 0.3.2)
      rest-client (~> 1.6.1)
      term-ansicolor (~> 1.0.5)
    highline (1.6.2)
    launchy (2.0.5)
      addressable (~> 2.2.6)
    mime-types (1.16)
    net-scp (1.0.4)
      net-ssh (>= 1.99.1)
    net-sftp (2.0.5)
      net-ssh (>= 2.0.9)
    net-ssh (2.2.1)
    net-ssh-gateway (1.1.0)
      net-ssh (>= 1.99.1)
    net-ssh-multi (1.1)
      net-ssh (>= 2.1.4)
      net-ssh-gateway (>= 0.99.0)
    rack (1.3.4)
    rack-protection (1.1.4)
      rack
    rainbows (0.97.0)
      rack (~> 1.1)
      unicorn (>= 1.1.3, < 2.0.0)
    rest-client (1.6.7)
      mime-types (>= 1.16)
    sinatra (1.3.0)
      rack (~> 1.3)
      rack-protection (~> 1.1)
      tilt (~> 1.3)
    sinatra-content-for2 (0.2.4)
      sinatra
    term-ansicolor (1.0.6)
    thor (0.14.6)
    tilt (1.3.3)
    unicorn (1.1.5)
      rack

PLATFORMS
  ruby

DEPENDENCIES
  capistrano
  capistrano_colors
  foreman
  haml
  heroku
  net-ssh-multi
  rainbows
  sinatra (= 1.3)
  sinatra-content-for2
